FRAMEWORK: >= NET45
NUGET
  remote: https://www.nuget.org/api/v2
    FSharp.Core (4.0.0.1)
    Microsoft.Owin (3.0.1)
      Owin (>= 1.0)
    Mono.Cecil (0.9.6.4)
    Owin (1.0)
    Suave (1.1.3)
      FSharp.Core (>= 3.1.2.5)
    WebSharper (3.6.18.241)
    WebSharper.Owin (3.6.13.132)
      Microsoft.Owin (>= 3.0.1)
      Owin (>= 1.0)
      WebSharper (>= 3.6.17.240)
    WebSharper.Suave (3.6.13.40)
      Mono.Cecil (>= 0.9.6.4)
      Suave (>= 1.1.3)
      WebSharper (>= 3.6.17.240)
      WebSharper.Owin (>= 3.6.13.132)
    WebSharper.UI.Next (3.6.15.211)
      WebSharper (>= 3.6.12.235)
